GEM
  remote: https://rubygems.org/
  specs:
    capistrano (3.0.1)
      i18n
      rake (>= 10.0.0)
      sshkit (>= 0.0.23)
    haml (4.0.4)
      tilt
    i18n (0.6.9)
    net-scp (1.1.2)
      net-ssh (>= 2.6.5)
    net-ssh (2.7.0)
    rack (1.5.2)
    rack-protection (1.5.1)
      rack
    rake (10.1.1)
    sinatra (1.4.4)
      rack (~> 1.4)
      rack-protection (~> 1.4)
      tilt (~> 1.3, >= 1.3.4)
    sshkit (1.3.0)
      net-scp (>= 1.1.2)
      net-ssh
      term-ansicolor
    term-ansicolor (1.2.2)
      tins (~> 0.8)
    tilt (1.4.1)
    tins (0.13.1)

PLATFORMS
  ruby

DEPENDENCIES
  capistrano
  haml
  sinatra
